STORAGE: NONE
RESTRICTION: || (== netcoreapp3.1) (== netstandard2.1)
NUGET
  remote: https://api.nuget.org/v3/index.json
    Confluent.Kafka (1.5)
      librdkafka.redist (>= 1.5)
      System.Memory (>= 4.5)
    librdkafka.redist (1.5)
    Microsoft.AspNetCore.Authorization (3.1.7)
      Microsoft.AspNetCore.Metadata (>= 3.1.7)
      Microsoft.Extensions.Logging.Abstractions (>= 3.1.7)
      Microsoft.Extensions.Options (>= 3.1.7)
    Microsoft.AspNetCore.Components (3.1.7)
      Microsoft.AspNetCore.Authorization (>= 3.1.7)
      Microsoft.AspNetCore.Components.Analyzers (>= 3.1.7)
      Microsoft.JSInterop (>= 3.1.7)
      System.ComponentModel.Annotations (>= 4.7) - restriction: == netstandard2.1
    Microsoft.AspNetCore.Components.Analyzers (3.1.7)
    Microsoft.AspNetCore.Components.Forms (3.1.7)
      Microsoft.AspNetCore.Components (>= 3.1.7)
      System.ComponentModel.Annotations (>= 4.7) - restriction: == netstandard2.1
    Microsoft.AspNetCore.Components.Web (3.1.7)
      Microsoft.AspNetCore.Components (>= 3.1.7)
      Microsoft.AspNetCore.Components.Forms (>= 3.1.7)
      Microsoft.Extensions.DependencyInjection (>= 3.1.7)
      Microsoft.JSInterop (>= 3.1.7)
    Microsoft.AspNetCore.Components.WebAssembly (3.2.1)
      Microsoft.AspNetCore.Components.Web (>= 3.1.6)
      Microsoft.AspNetCore.Components.WebAssembly.HttpHandler (>= 3.2)
      Microsoft.Extensions.Configuration.Json (>= 3.1.6)
      Microsoft.Extensions.Logging (>= 3.1.6)
      Microsoft.JSInterop.WebAssembly (>= 3.2.1)
    Microsoft.AspNetCore.Components.WebAssembly.Build (3.2.1)
      Microsoft.AspNetCore.Components.WebAssembly.Runtime (>= 3.2)
    Microsoft.AspNetCore.Components.WebAssembly.DevServer (3.2.1)
    Microsoft.AspNetCore.Components.WebAssembly.HttpHandler (3.2.1)
    Microsoft.AspNetCore.Components.WebAssembly.Runtime (3.2)
    Microsoft.AspNetCore.Components.WebAssembly.Server (3.2.1)
    Microsoft.AspNetCore.Metadata (3.1.7)
    Microsoft.Bcl.AsyncInterfaces (1.1.1) - restriction: || (&& (== netcoreapp3.1) (>= monoandroid)) (&& (== netcoreapp3.1) (>= monotouch)) (&& (== netcoreapp3.1) (>= net461)) (&& (== netcoreapp3.1) (< netcoreapp2.0)) (&& (== netcoreapp3.1) (< netcoreapp2.1)) (&& (== netcoreapp3.1) (< netcoreapp3.0)) (&& (== netcoreapp3.1) (>= uap10.1)) (&& (== netcoreapp3.1) (>= xamarinios)) (&& (== netcoreapp3.1) (>= xamarinmac)) (&& (== netcoreapp3.1) (>= xamarintvos)) (&& (== netcoreapp3.1) (>= xamarinwatchos)) (== netstandard2.1)
      System.Threading.Tasks.Extensions (>= 4.5.4)
    Microsoft.Extensions.Configuration (3.1.7)
      Microsoft.Extensions.Configuration.Abstractions (>= 3.1.7)
    Microsoft.Extensions.Configuration.Abstractions (3.1.7)
      Microsoft.Extensions.Primitives (>= 3.1.7)
    Microsoft.Extensions.Configuration.Binder (3.1.7)
      Microsoft.Extensions.Configuration (>= 3.1.7)
    Microsoft.Extensions.Configuration.FileExtensions (3.1.7)
      Microsoft.Extensions.Configuration (>= 3.1.7)
      Microsoft.Extensions.FileProviders.Physical (>= 3.1.7)
    Microsoft.Extensions.Configuration.Json (3.1.7)
      Microsoft.Extensions.Configuration (>= 3.1.7)
      Microsoft.Extensions.Configuration.FileExtensions (>= 3.1.7)
      System.Text.Json (>= 4.7.2) - restriction: == netstandard2.1
      System.Threading.Tasks.Extensions (>= 4.5.4) - restriction: == netstandard2.1
    Microsoft.Extensions.DependencyInjection (3.1.7)
      Microsoft.Extensions.DependencyInjection.Abstractions (>= 3.1.7)
    Microsoft.Extensions.DependencyInjection.Abstractions (3.1.7)
    Microsoft.Extensions.FileProviders.Abstractions (3.1.7)
      Microsoft.Extensions.Primitives (>= 3.1.7)
    Microsoft.Extensions.FileProviders.Physical (3.1.7)
      Microsoft.Extensions.FileProviders.Abstractions (>= 3.1.7)
      Microsoft.Extensions.FileSystemGlobbing (>= 3.1.7)
    Microsoft.Extensions.FileSystemGlobbing (3.1.7)
    Microsoft.Extensions.Logging (3.1.7)
      Microsoft.Extensions.Configuration.Binder (>= 3.1.7)
      Microsoft.Extensions.DependencyInjection (>= 3.1.7)
      Microsoft.Extensions.Logging.Abstractions (>= 3.1.7)
      Microsoft.Extensions.Options (>= 3.1.7)
    Microsoft.Extensions.Logging.Abstractions (3.1.7)
    Microsoft.Extensions.Options (3.1.7)
      Microsoft.Extensions.DependencyInjection.Abstractions (>= 3.1.7)
      Microsoft.Extensions.Primitives (>= 3.1.7)
      System.ComponentModel.Annotations (>= 4.7) - restriction: == netstandard2.1
    Microsoft.Extensions.Primitives (3.1.7)
      System.Memory (>= 4.5.2) - restriction: == netstandard2.1
      System.Runtime.CompilerServices.Unsafe (>= 4.7.1) - restriction: == netstandard2.1
    Microsoft.JSInterop (3.1.7)
      System.Text.Json (>= 4.7.2) - restriction: == netstandard2.1
    Microsoft.JSInterop.WebAssembly (3.2.1)
      Microsoft.JSInterop (>= 3.1.6)
    System.Buffers (4.5.1) - restriction: || (&& (== netcoreapp3.1) (>= monoandroid)) (&& (== netcoreapp3.1) (>= monotouch)) (&& (== netcoreapp3.1) (>= net461)) (&& (== netcoreapp3.1) (< netcoreapp2.0)) (&& (== netcoreapp3.1) (>= xamarinios)) (&& (== netcoreapp3.1) (>= xamarinmac)) (&& (== netcoreapp3.1) (>= xamarintvos)) (&& (== netcoreapp3.1) (>= xamarinwatchos)) (== netstandard2.1)
    System.ComponentModel.Annotations (4.7) - restriction: == netstandard2.1
    System.Memory (4.5.4)
      System.Buffers (>= 4.5.1) - restriction: || (&& (== netcoreapp3.1) (>= monoandroid)) (&& (== netcoreapp3.1) (>= monotouch)) (&& (== netcoreapp3.1) (>= net461)) (&& (== netcoreapp3.1) (< netcoreapp2.0)) (&& (== netcoreapp3.1) (< netstandard1.1)) (&& (== netcoreapp3.1) (< netstandard2.0)) (&& (== netcoreapp3.1) (>= xamarinios)) (&& (== netcoreapp3.1) (>= xamarinmac)) (&& (== netcoreapp3.1) (>= xamarintvos)) (&& (== netcoreapp3.1) (>= xamarinwatchos)) (== netstandard2.1)
      System.Numerics.Vectors (>= 4.4) - restriction: || (&& (== netcoreapp3.1) (< netcoreapp2.0)) (== netstandard2.1)
      System.Runtime.CompilerServices.Unsafe (>= 4.5.3) - restriction: || (&& (== netcoreapp3.1) (>= monoandroid)) (&& (== netcoreapp3.1) (>= monotouch)) (&& (== netcoreapp3.1) (>= net461)) (&& (== netcoreapp3.1) (< netcoreapp2.0)) (&& (== netcoreapp3.1) (< netcoreapp2.1)) (&& (== netcoreapp3.1) (< netstandard1.1)) (&& (== netcoreapp3.1) (< netstandard2.0)) (&& (== netcoreapp3.1) (>= uap10.1)) (&& (== netcoreapp3.1) (>= xamarinios)) (&& (== netcoreapp3.1) (>= xamarinmac)) (&& (== netcoreapp3.1) (>= xamarintvos)) (&& (== netcoreapp3.1) (>= xamarinwatchos)) (== netstandard2.1)
    System.Net.Http.Json (3.2.1)
      System.Buffers (>= 4.5.1) - restriction: || (&& (== netcoreapp3.1) (>= monoandroid)) (&& (== netcoreapp3.1) (>= monotouch)) (&& (== netcoreapp3.1) (>= net461)) (&& (== netcoreapp3.1) (< netcoreapp2.0)) (&& (== netcoreapp3.1) (>= xamarinios)) (&& (== netcoreapp3.1) (>= xamarinmac)) (&& (== netcoreapp3.1) (>= xamarintvos)) (&& (== netcoreapp3.1) (>= xamarinwatchos)) (== netstandard2.1)
      System.Memory (>= 4.5.4) - restriction: || (&& (== netcoreapp3.1) (>= net461)) (&& (== netcoreapp3.1) (< netcoreapp2.0)) (&& (== netcoreapp3.1) (< netcoreapp2.1)) (&& (== netcoreapp3.1) (>= uap10.1)) (== netstandard2.1)
      System.Text.Json (>= 4.7.2)
      System.Threading.Tasks.Extensions (>= 4.5.4) - restriction: || (&& (== netcoreapp3.1) (>= net461)) (&& (== netcoreapp3.1) (< netcoreapp2.0)) (&& (== netcoreapp3.1) (< netcoreapp2.1)) (&& (== netcoreapp3.1) (>= uap10.1)) (== netstandard2.1)
    System.Numerics.Vectors (4.5) - restriction: || (&& (== netcoreapp3.1) (>= net461)) (&& (== netcoreapp3.1) (< netcoreapp2.0)) (== netstandard2.1)
    System.Runtime.CompilerServices.Unsafe (4.7.1) - restriction: || (&& (== netcoreapp3.1) (>= monoandroid)) (&& (== netcoreapp3.1) (>= monotouch)) (&& (== netcoreapp3.1) (>= net461)) (&& (== netcoreapp3.1) (< netcoreapp2.0)) (&& (== netcoreapp3.1) (< netcoreapp2.1)) (&& (== netcoreapp3.1) (< netcoreapp3.0)) (&& (== netcoreapp3.1) (>= uap10.1)) (&& (== netcoreapp3.1) (>= xamarinios)) (&& (== netcoreapp3.1) (>= xamarinmac)) (&& (== netcoreapp3.1) (>= xamarintvos)) (&& (== netcoreapp3.1) (>= xamarinwatchos)) (== netstandard2.1)
    System.Text.Encodings.Web (4.7.1) - restriction: || (&& (== netcoreapp3.1) (>= monoandroid)) (&& (== netcoreapp3.1) (>= monotouch)) (&& (== netcoreapp3.1) (>= net461)) (&& (== netcoreapp3.1) (< netcoreapp2.0)) (&& (== netcoreapp3.1) (< netcoreapp2.1)) (&& (== netcoreapp3.1) (< netcoreapp3.0)) (&& (== netcoreapp3.1) (>= uap10.1)) (&& (== netcoreapp3.1) (>= xamarinios)) (&& (== netcoreapp3.1) (>= xamarinmac)) (&& (== netcoreapp3.1) (>= xamarintvos)) (&& (== netcoreapp3.1) (>= xamarinwatchos)) (== netstandard2.1)
    System.Text.Json (4.7.2)
      Microsoft.Bcl.AsyncInterfaces (>= 1.1) - restriction: || (&& (== netcoreapp3.1) (>= monoandroid)) (&& (== netcoreapp3.1) (>= monotouch)) (&& (== netcoreapp3.1) (>= net461)) (&& (== netcoreapp3.1) (< netcoreapp2.0)) (&& (== netcoreapp3.1) (< netcoreapp2.1)) (&& (== netcoreapp3.1) (< netcoreapp3.0)) (&& (== netcoreapp3.1) (>= uap10.1)) (&& (== netcoreapp3.1) (>= xamarinios)) (&& (== netcoreapp3.1) (>= xamarinmac)) (&& (== netcoreapp3.1) (>= xamarintvos)) (&& (== netcoreapp3.1) (>= xamarinwatchos)) (== netstandard2.1)
      System.Buffers (>= 4.5.1) - restriction: || (&& (== netcoreapp3.1) (>= monoandroid)) (&& (== netcoreapp3.1) (>= monotouch)) (&& (== netcoreapp3.1) (>= net461)) (&& (== netcoreapp3.1) (< netcoreapp2.0)) (&& (== netcoreapp3.1) (>= xamarinios)) (&& (== netcoreapp3.1) (>= xamarinmac)) (&& (== netcoreapp3.1) (>= xamarintvos)) (&& (== netcoreapp3.1) (>= xamarinwatchos)) (== netstandard2.1)
      System.Memory (>= 4.5.4) - restriction: || (&& (== netcoreapp3.1) (>= net461)) (&& (== netcoreapp3.1) (< netcoreapp2.0)) (&& (== netcoreapp3.1) (< netcoreapp2.1)) (&& (== netcoreapp3.1) (>= uap10.1)) (== netstandard2.1)
      System.Numerics.Vectors (>= 4.5) - restriction: || (&& (== netcoreapp3.1) (>= net461)) (&& (== netcoreapp3.1) (< netcoreapp2.0)) (== netstandard2.1)
      System.Runtime.CompilerServices.Unsafe (>= 4.7.1) - restriction: || (&& (== netcoreapp3.1) (>= monoandroid)) (&& (== netcoreapp3.1) (>= monotouch)) (&& (== netcoreapp3.1) (>= net461)) (&& (== netcoreapp3.1) (< netcoreapp2.0)) (&& (== netcoreapp3.1) (< netcoreapp2.1)) (&& (== netcoreapp3.1) (< netcoreapp3.0)) (&& (== netcoreapp3.1) (>= uap10.1)) (&& (== netcoreapp3.1) (>= xamarinios)) (&& (== netcoreapp3.1) (>= xamarinmac)) (&& (== netcoreapp3.1) (>= xamarintvos)) (&& (== netcoreapp3.1) (>= xamarinwatchos)) (== netstandard2.1)
      System.Text.Encodings.Web (>= 4.7.1) - restriction: || (&& (== netcoreapp3.1) (>= monoandroid)) (&& (== netcoreapp3.1) (>= monotouch)) (&& (== netcoreapp3.1) (>= net461)) (&& (== netcoreapp3.1) (< netcoreapp2.0)) (&& (== netcoreapp3.1) (< netcoreapp2.1)) (&& (== netcoreapp3.1) (< netcoreapp3.0)) (&& (== netcoreapp3.1) (>= uap10.1)) (&& (== netcoreapp3.1) (>= xamarinios)) (&& (== netcoreapp3.1) (>= xamarinmac)) (&& (== netcoreapp3.1) (>= xamarintvos)) (&& (== netcoreapp3.1) (>= xamarinwatchos)) (== netstandard2.1)
      System.Threading.Tasks.Extensions (>= 4.5.4) - restriction: || (&& (== netcoreapp3.1) (>= net461)) (&& (== netcoreapp3.1) (< netcoreapp2.0)) (&& (== netcoreapp3.1) (< netcoreapp2.1)) (&& (== netcoreapp3.1) (>= uap10.1)) (== netstandard2.1)
    System.Threading.Tasks.Extensions (4.5.4) - restriction: || (&& (== netcoreapp3.1) (>= net461)) (&& (== netcoreapp3.1) (< netcoreapp2.0)) (&& (== netcoreapp3.1) (< netcoreapp2.1)) (&& (== netcoreapp3.1) (>= uap10.1)) (== netstandard2.1)
      System.Runtime.CompilerServices.Unsafe (>= 4.5.3) - restriction: || (&& (== netcoreapp3.1) (>= net461)) (&& (== netcoreapp3.1) (< netcoreapp2.1)) (&& (== netcoreapp3.1) (< netstandard1.0)) (&& (== netcoreapp3.1) (< netstandard2.0)) (&& (== netcoreapp3.1) (>= wp8)) (== netstandard2.1)
